GIT
  remote: https://github.com/chef/chef_secrets
  revision: be7388bab6ffb74c3008622a96bf1694278f5be7
  ref: be7388bab6ffb74c3008622a96bf1694278f5be7
  branch: lbaker/upgrade-erlang-24.2
  specs:
    veil!
      bcrypt (~> 3.1)
      pbkdf2

GEM
  specs:
    activesupport (7.0.3)
      concurrent-ruby (~> 1.0, >= 1.0.2)
      i18n (>= 1.6, < 2)
      minitest (>= 5.1)
      tzinfo (~> 2.0)
    bcrypt (3.1.16)
    concurrent-ruby (1.1.10)
    diff-lcs (1.1.3)
    domain_name (0.5.20190701)
      unf (>= 0.0.5, < 1.0.0)
    http-accept (1.7.0)
    http-cookie (1.0.4)
      domain_name (~> 0.5)
    i18n (1.10.0)
      concurrent-ruby (~> 1.0)
    mime-types (3.4.1)
      mime-types-data (~> 3.2015)
    mime-types-data (3.2022.0105)
    minitest (5.15.0)
    mixlib-config (3.0.9)
      tomlrb
    net-http-spy (0.2.1)
    netrc (0.11.0)
    pbkdf2 (0.1.0)

PLATFORMS
  ruby

DEPENDENCIES
  veil!

BUNDLED WITH
   2.3.9
